PATH
  remote: .
  specs:
    cita-sdk-ruby (0.24.0)
      activesupport (~> 6.0.2.1)
      ciri-crypto (= 0.1.1)
      faraday (~> 0.15.3)
      google-protobuf (~> 3.7)
      web3-eth (= 0.2.18)

GEM
  remote: https://rubygems.org/
  specs:
    activesupport (6.0.2.1)
      concurrent-ruby (~> 1.0, >= 1.0.2)
      i18n (>= 0.7, < 2)
      minitest (~> 5.1)
      tzinfo (~> 1.1)
      zeitwerk (~> 2.2)
    ast (2.4.0)
    awesome_print (1.8.0)
    bitcoin-secp256k1 (0.4.0)
      ffi (>= 1.9.10)
    ciri-crypto (0.1.1)
      bitcoin-secp256k1 (~> 0.4.0)
      ciri-utils (~> 0.2.0)
    ciri-utils (0.2.2)
      digest-sha3 (~> 1.1.0)
    coderay (1.1.2)
    concurrent-ruby (1.1.6)
    diff-lcs (1.3)
    digest-sha3 (1.1.0)
    faraday (0.15.4)
      multipart-post (>= 1.2, < 3)
    ffi (1.12.2)
    google-protobuf (3.11.4)
    i18n (1.8.2)
      concurrent-ruby (~> 1.0)
    jaro_winkler (1.5.1)
    method_source (0.9.0)
    minitest (5.14.0)
    multipart-post (2.1.1)
    parallel (1.12.1)
    parser (2.5.1.2)
      ast (~> 2.4.0)
    powerpack (0.1.2)
    pry (0.11.3)
      coderay (~> 1.1.0)
      method_source (~> 0.9.0)
    rainbow (3.0.0)
    rake (10.5.0)
    rlp (0.7.3)
    rspec (3.8.0)
      rspec-core (~> 3.8.0)
      rspec-expectations (~> 3.8.0)
      rspec-mocks (~> 3.8.0)
    rspec-core (3.8.0)
      rspec-support (~> 3.8.0)
    rspec-expectations (3.8.1)
      diff-lcs (>= 1.2.0, < 2.0)
      rspec-support (~> 3.8.0)
    rspec-mocks (3.8.0)
      diff-lcs (>= 1.2.0, < 2.0)
      rspec-support (~> 3.8.0)
    rspec-support (3.8.0)
    rubocop (0.59.2)
      jaro_winkler (~> 1.5.1)
      parallel (~> 1.10)
      parser (>= 2.5, != 2.5.1.1)
      powerpack (~> 0.1)
      rainbow (>= 2.2.2, < 4.0)
      ruby-progressbar (~> 1.7)
      unicode-display_width (~> 1.0, >= 1.0.1)
    ruby-progressbar (1.10.0)
    thread_safe (0.3.6)
    tzinfo (1.2.6)
      thread_safe (~> 0.1)
    unicode-display_width (1.4.0)
    web3-eth (0.2.18)
      digest-sha3 (~> 1.1.0)
      rlp (~> 0.7.3)
    zeitwerk (2.2.2)

PLATFORMS
  ruby

DEPENDENCIES
  awesome_print (~> 1.8)
  bundler (~> 2.0.2)
  cita-sdk-ruby!
  pry (~> 0.11)
  rake (~> 10.0)
  rspec (~> 3.0)
  rubocop (~> 0.59)

BUNDLED WITH
   2.0.2
